GEM
  remote: http://rubygems.org/
  specs:
    callsite (0.0.11)
    coffee-script (2.2.0)
      coffee-script-source
      execjs
    coffee-script-source (1.6.1)
    commander (4.1.3)
      highline (~> 1.6.11)
    daemons (1.1.9)
    eventmachine (1.0.3)
    execjs (1.4.0)
      multi_json (~> 1.0)
    haml (4.0.0)
      tilt
    highline (1.6.16)
    hpricot (0.8.6)
    multi_json (1.7.1)
    rack (1.3.10)
    rake (10.0.3)
    renee (0.3.11)
      renee-core (= 0.3.11)
      renee-render (= 0.3.11)
    renee-core (0.3.11)
      rack (~> 1.3.0)
    renee-render (0.3.11)
      callsite (~> 0.0.6)
      rack (~> 1.3.0)
      renee-core (= 0.3.11)
      tilt (~> 1.3.3)
    sass (3.2.7)
    thin (1.5.1)
      daemons (>= 1.0.9)
      eventmachine (>= 0.12.6)
      rack (>= 1.0.0)
    tilt (1.3.6)
    zip (2.0.2)

PLATFORMS
  ruby

DEPENDENCIES
  coffee-script
  commander
  haml
  hpricot
  rack
  rake
  renee
  sass
  thin
  zip
